GEM
  remote: https://rubygems.org/
  specs:
    byebug (11.1.3)
    coderay (1.1.3)
    method_source (1.0.0)
    pry (0.13.1)
      coderay (~> 1.1)
      method_source (~> 1.0)
    pry-byebug (3.9.0)
      byebug (~> 11.0)
      pry (~> 0.13.0)
    sequel (5.48.0)
    sqlite3 (1.4.2)

PLATFORMS
  ruby

DEPENDENCIES
  pry-byebug
  sequel
  sqlite3

BUNDLED WITH
   1.17.3
